PATH
  remote: .
  specs:
    siriproxy-facebook (0.0.2)
      httparty
      json

GEM
  remote: http://rubygems.org/
  specs:
    httparty (0.21.0)
      mini_mime (>= 1.0.0)
      multi_xml (>= 0.5.2)
    json (1.6.3)
    mini_mime (1.1.2)
    multi_xml (0.6.0)

PLATFORMS
  ruby

DEPENDENCIES
  siriproxy-facebook!
